GEM
  specs:
    activesupport (4.0.0.beta1)
      i18n (~> 0.6.2)
      minitest (~> 4.2)
      multi_json (~> 1.3)
      thread_safe (~> 0.1)
      tzinfo (~> 0.3.33)
    i18n (0.6.11)
    inflections (4.0.0)
      activesupport (= 4.0.0.beta1)
    minitest (4.7.5)
    multi_json (1.11.0)
    thread_safe (0.3.5)
    tzinfo (0.3.43)

PLATFORMS
  ruby

DEPENDENCIES
  inflections
